GEM
  remote: http://rubygems.org/
  remote: http://gems.github.com/
  specs:
    interactive_editor (0.0.10)
      spoon (>= 0.0.1)
    looksee (1.0.3)
    spoon (0.0.1)
    wirble (0.1.3)

PLATFORMS
  ruby

DEPENDENCIES
  interactive_editor
  looksee
  wirble
